GEM
  remote: https://rubygems.org/
  specs:
    awesome_print (1.6.1)
    multi_json (1.11.0)
    paypal-sdk-rest (1.2.1)
      multi_json (~> 1.0)
      uuidtools (~> 2.1)
      xml-simple
    rack (1.6.0)
    rack-protection (1.5.3)
      rack
    sinatra (1.4.6)
      rack (~> 1.4)
      rack-protection (~> 1.4)
      tilt (>= 1.3, < 3)
    tilt (2.0.1)
    uuidtools (2.1.5)
    xml-simple (1.1.5)

PLATFORMS
  ruby

DEPENDENCIES
  awesome_print
  paypal-sdk-rest
  sinatra
